GEM
  remote: https://rubygems.org/
  specs:
    daemons (1.2.2)
    dotenv (2.0.1)
    eventmachine (1.0.7)
    rack (1.6.1)
    rack-protection (1.5.3)
      rack
    sequel (4.22.0)
    sinatra (1.4.6)
      rack (~> 1.4)
      rack-protection (~> 1.4)
      tilt (>= 1.3, < 3)
    sqlite3 (1.3.10)
    thin (1.6.3)
      daemons (~> 1.0, >= 1.0.9)
      eventmachine (~> 1.0)
      rack (~> 1.0)
    tilt (2.0.1)

PLATFORMS
  ruby

DEPENDENCIES
  dotenv (~> 2.0.1)
  sequel (~> 4.22.0)
  sinatra (~> 1.4.6)
  sqlite3 (~> 1.3.10)
  thin (~> 1.6.3)
